GEM
  remote: https://rubygems.org/
  specs:
    bump (0.10.0)

PLATFORMS
  arm64-darwin-23
  x86_64-linux

DEPENDENCIES
  bump (~> 0.10.0)

RUBY VERSION
   ruby 3.3.5p100

BUNDLED WITH
   2.5.16
